NUGET
  remote: https://nuget.org/api/v2
  specs:
    Akka (1.0.0)
      Newtonsoft.Json (>= 6.0.8)
    Akka.FSharp (1.0.0)
      Akka (>= 1.0.0)
      FSPowerPack.Core.Community (>= 3.0.0.0)
      FSPowerPack.Linq.Community (>= 3.0.0.0)
      FsPickler (>= 0.9.11)
    Akka.Remote (1.0.0)
      Akka (>= 1.0.0)
      Google.ProtocolBuffers (>= 2.4.1.521)
      Helios (>= 1.4.0)
    FsPickler (1.0.16)
    FSPowerPack.Core.Community (3.0.0.0)
    FSPowerPack.Linq.Community (3.0.0.0)
      FSPowerPack.Core.Community
    Google.ProtocolBuffers (2.4.1.555)
    Helios (1.4.0)
    Newtonsoft.Json (6.0.8)
