NUGET
  remote: https://nuget.org/api/v2
  specs:
    Akka (0.8.0)
      Newtonsoft.Json (>= 6.0.1)
    Akka.FSharp (0.8.0)
      Akka (>= 0.8.0)
      FSPowerPack.Core.Community (>= 3.0.0.0)
      FSPowerPack.Linq.Community (>= 3.0.0.0)
      FsPickler (>= 0.9.11)
    Akka.Remote (0.8.0)
      Akka (>= 0.8.0)
      Google.ProtocolBuffers (>= 2.4.1.521)
      Helios (>= 1.3.6.0)
    FsPickler (1.0.11)
    FSPowerPack.Core.Community (3.0.0.0)
    FSPowerPack.Linq.Community (3.0.0.0)
      FSPowerPack.Core.Community
    Google.ProtocolBuffers (2.4.1.555)
    Helios (1.3.6.0)
    Newtonsoft.Json (6.0.8)
