NUGET
  remote: https://nuget.org/api/v2
  specs:
    Akka (0.8.0)
      Newtonsoft.Json (>= 6.0.1)
    Newtonsoft.Json (6.0.8)
